GEM
  remote: https://rubygems.org/
  specs:
    aws-sdk-core (2.11.172)
      aws-sigv4 (~> 1.0)
      jmespath (~> 1.0)
    aws-sdk-resources (2.11.172)
      aws-sdk-core (= 2.11.172)
    aws-sigv4 (1.0.3)
    connection_pool (2.2.2)
    faraday (0.15.3)
      multipart-post (>= 1.2, < 3)
    faraday_middleware-aws-signers-v4 (0.1.9)
      aws-sdk-resources (>= 2, < 3)
      faraday (~> 0.9)
    jmespath (1.4.0)
    multipart-post (2.0.0)
    net-http-persistent (3.0.0)
      connection_pool (~> 2.2)
    rack (2.0.6)

PLATFORMS
  ruby

DEPENDENCIES
  faraday
  faraday_middleware-aws-signers-v4
  net-http-persistent
  rack

BUNDLED WITH
   1.17.1
