GEM
  remote: https://rubygems.org/
  specs:
    aws-sdk (2.1.30)
      aws-sdk-resources (= 2.1.30)
    aws-sdk-core (2.1.30)
      jmespath (~> 1.0)
    aws-sdk-resources (2.1.30)
      aws-sdk-core (= 2.1.30)
    faraday (0.9.2)
      multipart-post (>= 1.2, < 3)
    faraday_middleware-aws-signers-v4 (0.1.1)
      aws-sdk (~> 2.1)
      faraday (~> 0.9)
    jmespath (1.1.3)
    multipart-post (2.0.0)
    net-http-persistent (2.9.4)
    rack (1.6.4)

PLATFORMS
  ruby

DEPENDENCIES
  faraday
  faraday_middleware-aws-signers-v4
  net-http-persistent
  rack
